NUGET
  remote: https://nuget.org/api/v2
  specs:
    FSharp.Core (3.1.2.1)
    FsUnit (1.3.0.1)
      NUnit (>= 2.6.3)
    NUnit (2.6.4)
    RabbitMQ.Client (3.5.0)
